PATH
  remote: .
  specs:
    iii (0.0.1)
      encryptor
      highline
      mechanize

GEM
  remote: http://rubygems.org/
  specs:
    encryptor (1.1.3)
    highline (1.6.8)
    json (1.6.3)
    mechanize (2.0.1)
      net-http-digest_auth (~> 1.1, >= 1.1.1)
      net-http-persistent (~> 1.8)
      nokogiri (~> 1.4)
      webrobots (~> 0.0, >= 0.0.9)
    net-http-digest_auth (1.2)
    net-http-persistent (1.9)
    nokogiri (1.5.0)
    rake (0.9.2.2)
    rdoc (3.11)
      json (~> 1.4)
    webrobots (0.0.12)
      nokogiri (>= 1.4.4)

PLATFORMS
  ruby

DEPENDENCIES
  iii!
  rake
  rdoc
